GEM
  remote: https://rubygems.org/
  specs:
    puma (3.12.4)

PLATFORMS
  ruby

DEPENDENCIES
  puma (< 4)

BUNDLED WITH
   2.1.4
